!INTERFILE :=
!imaging modality := nucmed
;# imaging modality 2 := EMS
!originating system := simind
!version of keys := 3.3
program author := M Ljungberg, Lund University
program version := V7.0.3
  
!GENERAL DATA :=
original institution := Medical Radiation Physics
contact person := M Ljungberg
!data offset in bytes := 0
!name of data file := jaszak1_tot_w3.a00
patient name := SMC_jaszak1_tot_w3.a00
!study ID := jaszak
data description := EMISSION
;# Radionuclide := lu177
exam type := EMISSION
!patient ID := SIMIND
  
!GENERAL IMAGE DATA :=
patient orientation := head_in
patient rotation := supine
!type of data := tomographic
study date := 2023:12:01
study time := 05:32:00
imagedata byte order := LITTLEENDIAN
patient rotation := supine
patient orientation := head_in
;energy window lower level := 229.20
;energy window upper level := 239.20
!total number of images := 64
!number of energy windows := 1
;# Image Position First image := -256.0000 -256.0000 256.000000
;# Image Orientation := 1.000 0.000 0.000 0.000 0.000 -1.000
;# Units of data (ECT) := counts
  
!SPECT STUDY (General) :=
number of detector heads := 1
!matrix size [1] := 128
!matrix size [2] := 128
!number format := short float
!number of bytes per pixel := 4
scaling factor (mm/pixel) [1] := 4.000
scaling factor (mm/pixel) [2] := 4.000
;# scaling factor (mm/pixel) [3] := 4.000
!extent of rotation := 180
!process status := acquired
!number of projections := 64
!number of images/energy window := 64
!time per projection (sec) := 1.000
image duration (sec) := 64.000
maximum pixel count := 0.000
;# total counts := 0.016
;# Center of Rotation := 65.000
  
!SPECT STUDY (acquired data) :=
orbit := circular
;#Radius := 15.000
acquisition mode := stepped
!direction of rotation := CCW
start angle := 0.000
;#X_offset := 0.000
  
;# Name of Aligned Density Map := jaszak1.hct
;# Name of Aligned transmission study := jaszak1.hct
  
;# SIMIND-SPECIFIC PARAMETERS :=
;# Intrinsic FWHM for the camera := 0.360
;# Collimator := si-me
;# Collimator hole diameter := 0.294
;# Collimator hole septa := 0.114
;# Collimator thickness := 4.060
;# SIMIND: Photon Energy := 208.000
;# SIMIND: Time shift := -9999.000
  
!END OF INTERFILE :=
